GEM
  remote: https://rubygems.org/
  specs:
    rainbow (2.0.0)
    sass (3.4.12)
    scss-lint (0.33.0)
      rainbow (~> 2.0)
      sass (~> 3.4.1)

PLATFORMS
  ruby

DEPENDENCIES
  sass (~> 3.4.12)
  scss-lint (~> 0.33.0)
